PATH
  remote: .
  specs:
    combine_pdf (1.0.15)
      ruby-rc4 (>= 0.1.5)

GEM
  remote: https://rubygems.org/
  specs:
    minitest (5.12.0)
    rake (0.8.7)
    ruby-rc4 (0.1.5)

PLATFORMS
  ruby

DEPENDENCIES
  bundler (~> 1.7)
  combine_pdf!
  minitest
  rake (~> 0.8.7)

BUNDLED WITH
   1.17.3
