PATH
  remote: .
  specs:
    google_drive (0.3.1)
      nokogiri (>= 1.4.4, != 1.5.2, != 1.5.1)
      oauth2 (>= 0.5.0)

GEM
  remote: http://rubygems.org/
  specs:
    faraday (1.0.0)
      multipart-post (>= 1.2, < 3)
    highline (2.0.3)
    jwt (2.2.1)
    mini_portile2 (2.4.0)
    multi_json (1.14.1)
    multi_xml (0.6.0)
    multipart-post (2.1.1)
    nokogiri (1.10.7)
      mini_portile2 (~> 2.4.0)
    oauth2 (1.4.2)
      faraday (>= 0.8, < 2.0)
      jwt (>= 1.0, < 3.0)
      multi_json (~> 1.3)
      multi_xml (~> 0.5)
      rack (>= 1.2, < 3)
    rack (2.0.8)
    rake (13.0.1)

PLATFORMS
  ruby

DEPENDENCIES
  google_drive!
  highline (>= 1.5.1)
  rake (>= 0.8.0)

BUNDLED WITH
   1.17.3
