PATH
  remote: .
  specs:
    delayed_job (2.0.8)
      activesupport (~> 2.0)
      daemons (= 1.0.10)

GEM
  remote: http://rubygems.org/
  specs:
    actionmailer (2.3.18)
      actionpack (= 2.3.18)
    actionpack (2.3.18)
      activesupport (= 2.3.18)
      rack (~> 1.1.0)
    activerecord (2.3.18)
      activesupport (= 2.3.18)
    activeresource (2.3.18)
      activesupport (= 2.3.18)
    activesupport (2.3.18)
    addressable (2.3.8)
    bson (1.12.5)
    columnize (0.9.0)
    daemons (1.0.10)
    data_objects (0.10.17)
      addressable (~> 2.1)
    database_cleaner (1.4.1)
    dm-aggregates (1.2.0)
      dm-core (~> 1.2.0)
    dm-core (1.2.1)
      addressable (~> 2.3)
    dm-observer (1.2.0)
      dm-core (~> 1.2.0)
    dm-validations (1.2.0)
      dm-core (~> 1.2.0)
    do_sqlite3 (0.10.17)
      data_objects (= 0.10.17)
    jnunemaker-validatable (1.8.4)
      activesupport (>= 2.3.4)
    linecache (1.3.1)
    mongo (1.12.5)
      bson (= 1.12.5)
    mongo_mapper (0.8.6)
      activesupport (>= 2.3.4)
      jnunemaker-validatable (~> 1.8.4)
      plucky (~> 0.3.6)
    mysql (2.9.1)
    plucky (0.3.8)
      mongo (~> 1.3)
    rack (1.1.6)
    rails (2.3.18)
      actionmailer (= 2.3.18)
      actionpack (= 2.3.18)
      activerecord (= 2.3.18)
      activeresource (= 2.3.18)
      activesupport (= 2.3.18)
      rake (>= 0.8.3)
    rake (0.8.7)
    rspec (1.3.2)
    ruby-debug (0.10.4)
      columnize (>= 0.1)
      ruby-debug-base (~> 0.10.4.0)
    ruby-debug-base (0.10.4)
      linecache (>= 0.3)
    sqlite3 (1.3.6)

PLATFORMS
  ruby

DEPENDENCIES
  database_cleaner
  delayed_job!
  dm-aggregates
  dm-core
  dm-observer
  dm-validations
  do_sqlite3
  mongo_mapper (~> 0.8.0)
  mysql
  rails (~> 2.3)
  rake (= 0.8.7)
  rspec (~> 1.0)
  ruby-debug
  ruby-debug19
  sqlite3

BUNDLED WITH
   1.17.3
